PATH
  remote: .
  specs:
    monit (0.1.2)
      crack (~> 0.1.8)
      curb (~> 0.7.8)

GEM
  remote: http://rubygems.org/
  specs:
    awesome_print (0.2.1)
    crack (0.1.8)
    curb (0.7.8)
    diff-lcs (1.1.2)
    rake (0.8.7)
    rspec (2.0.0.beta.22)
      rspec-core (= 2.0.0.beta.22)
      rspec-expectations (= 2.0.0.beta.22)
      rspec-mocks (= 2.0.0.beta.22)
    rspec-core (2.0.0.beta.22)
    rspec-expectations (2.0.0.beta.22)
      diff-lcs (>= 1.1.2)
    rspec-mocks (2.0.0.beta.22)
      rspec-core (= 2.0.0.beta.22)
      rspec-expectations (= 2.0.0.beta.22)

PLATFORMS
  ruby

DEPENDENCIES
  awesome_print
  bundler (~> 1.0.0)
  monit!
  rake
  rspec (~> 2.0.0.beta.20)
