PATH
  remote: .
  specs:
    monit (0.2.1)
      activesupport (~> 3.2.2)
      nokogiri (~> 1.5.2)

GEM
  remote: http://rubygems.org/
  specs:
    activesupport (3.2.2)
      i18n (~> 0.6)
      multi_json (~> 1.0)
    diff-lcs (1.1.3)
    i18n (0.6.0)
    multi_json (1.1.0)
    nokogiri (1.5.2)
    rake (0.8.7)
    rspec (2.9.0)
      rspec-core (~> 2.9.0)
      rspec-expectations (~> 2.9.0)
      rspec-mocks (~> 2.9.0)
    rspec-core (2.9.0)
    rspec-expectations (2.9.0)
      diff-lcs (~> 1.1.3)
    rspec-mocks (2.9.0)

PLATFORMS
  java
  ruby

DEPENDENCIES
  bundler
  monit!
  rake
  rspec (~> 2.9.0)
